PATH
  remote: .
  specs:
    enumeration (1.3.1)

GEM
  remote: https://rubygems.org/
  specs:
    ansi (1.5.0)
    assert (2.13.0)
      ansi (~> 1.3)
    coderay (1.1.0)
    method_source (0.8.2)
    pry (0.9.12.6)
      coderay (~> 1.0)
      method_source (~> 0.8)
      slop (~> 3.4)
    rake (10.4.2)
    slop (3.6.0)

PLATFORMS
  ruby

DEPENDENCIES
  assert (~> 2.13)
  enumeration!
  pry (~> 0.9.0)
  rake (~> 10.4.0)
