PATH
  remote: .
  specs:
    enumeration (1.2.1)

GEM
  remote: http://rubygems.org/
  specs:
    ansi (1.4.1)
    assert (0.7.3)
      assert-view (~> 0.5)
    assert-view (0.5.0)
      ansi (~> 1.3)
      undies (~> 2.0)
    rake (0.9.2)
    undies (2.0.0)

PLATFORMS
  ruby

DEPENDENCIES
  assert (~> 0.7)
  bundler (~> 1.0)
  enumeration!
  rake (~> 0.9.2)
